NUGET
  remote: https://www.nuget.org/api/v2
  specs:
    FSharp.Core (4.0.0.1)
    FSharp.Data (2.2.5)
      Zlib.Portable (>= 1.10) - framework: portable-net40+sl50+wp80+win80
    Google.DataTable.Net.Wrapper (3.1.2)
    Newtonsoft.Json (8.0.3)
    Suave (1.1.2)
      FSharp.Core (>= 3.1.2.5)
    XPlot.GoogleCharts (1.3.1)
      Google.DataTable.Net.Wrapper
      Newtonsoft.Json
    Zlib.Portable (1.11) - framework: portable-net40+sl50+wp80+win80
